NUGET
  remote: https://nuget.org/api/v2
  specs:
    FAKE (3.35.5)
    FSharp.Compiler.Service (1.3.1.0)
    FSharp.Core (3.1.2.1)
    FSharp.Data (2.2.3)
      Zlib.Portable (>= 1.10.0) - framework: portable-net40+sl50+wp80+win80
    FSharp.Formatting (2.9.10)
      FSharp.Compiler.Service (>= 0.0.87)
      FSharpVSPowerTools.Core (1.8.0)
    FSharpVSPowerTools.Core (1.8.0)
      FSharp.Compiler.Service (>= 0.0.87)
    FsPickler (1.2.13)
    Suave (0.30.0)
      FSharp.Core (>= 3.1.2.1)
      FsPickler (>= 1.2.5)
    Zlib.Portable (1.11.0) - framework: portable-net40+sl50+wp80+win80
GITHUB
  remote: matthid/Yaaf.FSharp.Scripting
  specs:
    src/source/Yaaf.FSharp.Scripting/YaafFSharpScripting.fs (dda29384bbefbaed1496ee0527120187215a7916)